GIT
  remote: git://github.com/metasoarous/contentable.git
  revision: 6996835add24a288c92b47fb4e9d81a2ceba0bb9
  specs:
    contentable (0.2.4)
      RedCloth

GIT
  remote: git://github.com/metasoarous/hamltastic.git
  revision: 57f0cd42e3c49539847e5c1f6cb9525dcf8f7700
  specs:
    hamltastic (0.3.1)
      actionpack (>= 3.0.0)
      activesupport (>= 3.0.0)
      formtastic (>= 1.0.0)
      haml (>= 3.0.18)
      railties (>= 3.0.0)

GIT
  remote: http://github.com/binarylogic/authlogic.git
  revision: 66ed79515919fe13016911b10ebe734cf8718dc7
  specs:
    authlogic (2.1.6)
      activesupport

GEM
  remote: http://rubygems.org/
  specs:
    RedCloth (4.2.3)
    abstract (1.0.0)
    actionmailer (3.0.5)
      actionpack (= 3.0.5)
      mail (~> 2.2.15)
    actionpack (3.0.5)
      activemodel (= 3.0.5)
      activesupport (= 3.0.5)
      builder (~> 2.1.2)
      erubis (~> 2.6.6)
      i18n (~> 0.4)
      rack (~> 1.2.1)
      rack-mount (~> 0.6.13)
      rack-test (~> 0.5.7)
      tzinfo (~> 0.3.23)
    activemodel (3.0.5)
      activesupport (= 3.0.5)
      builder (~> 2.1.2)
      i18n (~> 0.4)
    activerecord (3.0.5)
      activemodel (= 3.0.5)
      activesupport (= 3.0.5)
      arel (~> 2.0.2)
      tzinfo (~> 0.3.23)
    activeresource (3.0.5)
      activemodel (= 3.0.5)
      activesupport (= 3.0.5)
    activesupport (3.0.5)
    arel (2.0.9)
    builder (2.1.2)
    capybara (0.3.9)
      culerity (>= 0.2.4)
      mime-types (>= 1.16)
      nokogiri (>= 1.3.3)
      rack (>= 1.0.0)
      rack-test (>= 0.5.4)
      selenium-webdriver (>= 0.0.3)
    childprocess (0.1.3)
      ffi (~> 0.6.3)
    columnize (0.3.1)
    configuration (1.1.0)
    cucumber (0.9.2)
      builder (~> 2.1.2)
      diff-lcs (~> 1.1.2)
      gherkin (~> 2.2.5)
      json (~> 1.4.6)
      term-ansicolor (~> 1.0.5)
    cucumber-rails (0.3.2)
      cucumber (>= 0.8.0)
    culerity (0.2.12)
    daemons (1.1.0)
    database_cleaner (0.5.2)
    diff-lcs (1.1.2)
    erubis (2.6.6)
      abstract (>= 1.0.0)
    eventmachine (0.12.10)
    factory_girl (1.3.2)
    factory_girl_generator (0.0.1)
    factory_girl_rails (1.0)
      factory_girl (~> 1.3)
      rails (>= 3.0.0.beta4)
    ffi (0.6.3)
      rake (>= 0.8.7)
    formtastic (1.1.0)
      actionpack (>= 2.3.0)
      activesupport (>= 2.3.0)
      i18n (>= 0.4.0)
    gherkin (2.2.9)
      json (~> 1.4.6)
      term-ansicolor (~> 1.0.5)
    haml (3.0.21)
    hoptoad_notifier (2.1.3)
      activesupport
    i18n (0.5.0)
    json (1.4.6)
    json_pure (1.4.6)
    launchy (0.3.7)
      configuration (>= 0.0.5)
      rake (>= 0.8.1)
    linecache (0.43)
    mail (2.2.15)
      activesupport (>= 2.3.6)
      i18n (>= 0.4.0)
      mime-types (~> 1.16)
      treetop (~> 1.4.8)
    mime-types (1.16)
    nokogiri (1.4.3.1)
    pickle (0.4.2)
      cucumber (>= 0.8)
      rake
      rspec (>= 1.3)
      yard
    polyglot (0.3.1)
    rack (1.2.2)
    rack-mount (0.6.14)
      rack (>= 1.0.0)
    rack-test (0.5.7)
      rack (>= 1.0)
    rails (3.0.5)
      actionmailer (= 3.0.5)
      actionpack (= 3.0.5)
      activerecord (= 3.0.5)
      activeresource (= 3.0.5)
      activesupport (= 3.0.5)
      bundler (~> 1.0)
      railties (= 3.0.5)
    railties (3.0.5)
      actionpack (= 3.0.5)
      activesupport (= 3.0.5)
      rake (>= 0.8.7)
      thor (~> 0.14.4)
    rake (0.8.7)
    rspec (2.0.0)
      rspec-core (= 2.0.0)
      rspec-expectations (= 2.0.0)
      rspec-mocks (= 2.0.0)
    rspec-core (2.0.0)
    rspec-expectations (2.0.0)
      diff-lcs (>= 1.1.2)
    rspec-mocks (2.0.0)
      rspec-core (= 2.0.0)
      rspec-expectations (= 2.0.0)
    rspec-rails (2.0.1)
      rspec (~> 2.0.0)
    ruby-debug (0.10.3)
      columnize (>= 0.1)
      ruby-debug-base (~> 0.10.3.0)
    ruby-debug-base (0.10.3)
      linecache (>= 0.3)
    rubyzip (0.9.4)
    sass-on-heroku (0.9.0)
    selenium-webdriver (0.0.29)
      childprocess (>= 0.0.7)
      ffi (~> 0.6.3)
      json_pure
      rubyzip
    sqlite3-ruby (1.3.1)
    term-ansicolor (1.0.5)
    thin (1.2.8)
      daemons (>= 1.0.9)
      eventmachine (>= 0.12.6)
      rack (>= 1.0.0)
    thor (0.14.6)
    treetop (1.4.9)
      polyglot (>= 0.3.1)
    tzinfo (0.3.25)
    will_paginate (2.3.15)
    yard (0.5.2)

PLATFORMS
  ruby

DEPENDENCIES
  RedCloth
  authlogic!
  capybara
  contentable!
  cucumber
  cucumber-rails
  database_cleaner
  factory_girl_generator (>= 0.0.1)
  factory_girl_rails (>= 1.0.0)
  formtastic
  haml
  hamltastic!
  hoptoad_notifier
  launchy
  pickle (>= 0.4.0)
  rails (= 3.0.5)
  rspec-rails (>= 2.0.0)
  ruby-debug
  sass-on-heroku
  sqlite3-ruby
  thin
  will_paginate
